GEM
  remote: https://rubygems.org/
  specs:
    ffi (1.9.23)

PLATFORMS
  ruby

DEPENDENCIES
  ffi

RUBY VERSION
   ruby 2.4.1p111

BUNDLED WITH
   1.15.2
